GEM
  remote: https://rubygems.org/
  specs:
    ripper-tags (1.0.1)

PLATFORMS
  arm64-darwin-22

DEPENDENCIES
  ripper-tags

BUNDLED WITH
   2.4.10
